GEM
  remote: http://rubygems.org/
  specs:
    pg (0.15.1)
    pg (0.15.1-x86-mingw32)
    rack (1.5.2)
    rack-protection (1.5.0)
      rack
    sequel (4.0.0)
    sinatra (1.4.3)
      rack (~> 1.4)
      rack-protection (~> 1.4)
      tilt (~> 1.3, >= 1.3.4)
    slim (2.0.0)
      temple (~> 0.6.5)
      tilt (~> 1.3, >= 1.3.3)
    temple (0.6.5)
    tilt (1.4.1)

PLATFORMS
  ruby
  x86-mingw32

DEPENDENCIES
  pg
  sequel (~> 4.0.0)
  sinatra (~> 1.4.3)
  slim (~> 2.0.0)
